GEM
  remote: https://rubygems.org/
  specs:
    nio4r (2.5.9)
    puma (5.6.7)
      nio4r (~> 2.0)

PLATFORMS
  ruby

DEPENDENCIES
  puma

RUBY VERSION
   ruby 3.1.2p20

BUNDLED WITH
   2.3.21
