GEM
  remote: https://rubygems.org/
  specs:
    nio4r (2.5.8)
    puma (5.5.1)
      nio4r (~> 2.0)

PLATFORMS
  ruby

DEPENDENCIES
  puma

RUBY VERSION
   ruby 2.7.3p183

BUNDLED WITH
   2.1.4
