GEM
  remote: http://rubygems.org/
  specs:
    newrelic_rpm (3.6.7.159)
    puma (2.6.0)
      rack (>= 1.1, < 2.0)
    rack (1.5.2)

PLATFORMS
  ruby

DEPENDENCIES
  newrelic_rpm
  puma
