GEM
  remote: http://rubygems.org/
  specs:
    puma (3.11.4)

PLATFORMS
  ruby

DEPENDENCIES
  puma

RUBY VERSION
   ruby 2.5.1p57

BUNDLED WITH
   1.16.1
